GEM
  remote: http://rubygems.org/
  specs:
    adsf (1.1.1)
      rack (>= 1.0.0)
    bourbon (3.1.6)
      sass (>= 3.2.0)
      thor
    builder (3.2.0)
    capistrano (2.15.4)
      highline
      net-scp (>= 1.0.0)
      net-sftp (>= 2.0.0)
      net-ssh (>= 2.0.14)
      net-ssh-gateway (>= 1.1.0)
    coderay (1.0.9)
    coderay_bash (1.0.5)
      coderay (>= 1.0)
    colored (1.2)
    cri (2.3.0)
      colored (>= 1.2)
    daemons (1.1.9)
    eventmachine (1.0.3)
    ffi (1.8.1)
    fssm (0.2.10)
    highline (1.6.19)
    kramdown (1.0.2)
    listen (1.1.1)
      rb-fsevent (>= 0.9.3)
      rb-inotify (>= 0.9)
      rb-kqueue (>= 0.2)
    method_source (0.8.1)
    mime-types (1.23)
    nanoc (3.6.3)
      cri (~> 2.3)
    neat (1.3.0)
      bourbon (>= 2.1)
      sass (>= 3.2)
    net-scp (1.1.1)
      net-ssh (>= 2.6.5)
    net-sftp (2.1.2)
      net-ssh (>= 2.6.5)
    net-ssh (2.6.7)
    net-ssh-gateway (1.2.0)
      net-ssh (>= 2.6.5)
    nokogiri (1.5.9)
    pry (0.9.12.2)
      coderay (~> 1.0.5)
      method_source (~> 0.8)
      slop (~> 3.4)
    rack (1.5.2)
    rake (10.0.4)
    rb-fsevent (0.9.3)
    rb-inotify (0.9.0)
      ffi (>= 0.5.0)
    rb-kqueue (0.2.0)
      ffi (>= 0.5.0)
    sass (3.2.9)
    slop (3.4.4)
    thin (1.5.1)
      daemons (>= 1.0.9)
      eventmachine (>= 0.12.6)
      rack (>= 1.0.0)
    thor (0.18.1)
    yajl-ruby (1.1.0)

PLATFORMS
  ruby

DEPENDENCIES
  adsf
  bourbon
  builder
  capistrano
  coderay_bash
  fssm
  kramdown
  listen
  mime-types
  nanoc
  neat
  nokogiri
  pry
  rake
  rb-fsevent
  sass
  thin
  yajl-ruby
